GEM
  remote: http://rubygems.org/
  specs:
    ZenTest (4.8.4)
    autotest (4.4.6)
      ZenTest (>= 4.4.1)
    autotest-fsevent (0.2.8)
      sys-uname
    autotest-growl (0.2.16)
    bierdopje (0.0.1)
      nokogiri (~> 1.4.4)
      rest-client (~> 1.6.1)
    ffi (1.3.1)
    mime-types (1.19)
    nokogiri (1.4.7)
    rest-client (1.6.7)
      mime-types (>= 1.16)
    sys-uname (0.9.1)
      ffi (>= 1.0.0)

PLATFORMS
  ruby

DEPENDENCIES
  autotest
  autotest-fsevent
  autotest-growl
  bierdopje
